GEM
  remote: http://rubygems.org/
  specs:
    sass (3.2.14)
    stringex (2.2.0)

PLATFORMS
  ruby

DEPENDENCIES
  sass
  stringex
