GEM
  remote: https://rubygems.org/
  specs:
    redcarpet (3.1.0)

PLATFORMS
  ruby

DEPENDENCIES
  redcarpet
