GEM
  remote: http://rubygems.org/
  specs:
    coffee-script (2.2.0)
      coffee-script-source
      execjs
    coffee-script-source (1.7.0)
    eco (1.0.0)
      coffee-script
      eco-source
      execjs
    eco-source (1.1.0.rc.1)
    execjs (2.0.2)
    sass (3.2.14)
    stringex (2.2.0)

PLATFORMS
  ruby

DEPENDENCIES
  coffee-script
  eco
  sass
  stringex
